PATH
  remote: .
  specs:
    sumo-ruby-client (0.1.0)
      multi_json
      oj
      thor

GEM
  remote: https://rubygems.org/
  specs:
    diff-lcs (1.2.5)
    multi_json (1.10.1)
    oj (2.10.4)
    rake (10.1.0)
    rspec (3.1.0)
      rspec-core (~> 3.1.0)
      rspec-expectations (~> 3.1.0)
      rspec-mocks (~> 3.1.0)
    rspec-core (3.1.7)
      rspec-support (~> 3.1.0)
    rspec-expectations (3.1.2)
      diff-lcs (>= 1.2.0, < 2.0)
      rspec-support (~> 3.1.0)
    rspec-mocks (3.1.3)
      rspec-support (~> 3.1.0)
    rspec-support (3.1.2)
    thor (0.19.1)

PLATFORMS
  ruby

DEPENDENCIES
  bundler
  rake
  rspec (~> 3.1.0)
  sumo-ruby-client!
